GEM
  remote: http://rubygems.org/
  specs:
    RedCloth (4.2.8)
    Saikuro (1.1.0)
    actionmailer (3.1.2)
      actionpack (= 3.1.2)
      mail (~> 2.3.0)
    actionpack (3.1.2)
      activemodel (= 3.1.2)
      activesupport (= 3.1.2)
      builder (~> 3.0.0)
      erubis (~> 2.7.0)
      i18n (~> 0.6)
      rack (~> 1.3.5)
      rack-cache (~> 1.1)
      rack-mount (~> 0.8.2)
      rack-test (~> 0.6.1)
      sprockets (~> 2.1.0)
    activemodel (3.1.2)
      activesupport (= 3.1.2)
      builder (~> 3.0.0)
      i18n (~> 0.6)
    activerecord (3.1.2)
      activemodel (= 3.1.2)
      activesupport (= 3.1.2)
      arel (~> 2.2.1)
      tzinfo (~> 0.3.29)
    activeresource (3.1.2)
      activemodel (= 3.1.2)
      activesupport (= 3.1.2)
    activesupport (3.1.2)
      multi_json (~> 1.0)
    acts_as_state_machine (2.2.0)
      activerecord (>= 2.1)
    acts_as_tree_rails3 (0.1.0)
    addressable (2.2.6)
    ansi (1.4.1)
    arel (2.2.1)
    bitly (0.6.2)
      crack (>= 0.1.4)
      httparty (>= 0.7.6)
      oauth2 (>= 0.1.1)
    builder (3.0.0)
    chronic (0.3.0)
    churn (0.0.13)
      chronic (>= 0.2.3)
      hirb
      json_pure
      main
      ruby_parser (~> 2.0.4)
      sexp_processor (~> 3.0.3)
    coffee-rails (3.1.1)
      coffee-script (>= 2.2.0)
      railties (~> 3.1.0)
    coffee-script (2.2.0)
      coffee-script-source
      execjs
    coffee-script-source (1.1.3)
    colored (1.2)
    configatron (2.8.4)
      yamler (>= 0.1.0)
    crack (0.3.1)
    diff-lcs (1.1.3)
    erubis (2.7.0)
    execjs (1.2.9)
      multi_json (~> 1.0)
    factory_girl (1.3.3)
    faraday (0.7.5)
      addressable (~> 2.2.6)
      multipart-post (~> 1.1.3)
      rack (>= 1.1.0, < 2)
    faraday_middleware (0.7.0)
      faraday (~> 0.7.3)
    flay (1.4.3)
      ruby_parser (~> 2.0)
      sexp_processor (~> 3.0)
    flog (2.5.3)
      ruby_parser (~> 2.0)
      sexp_processor (~> 3.0)
    haml (3.1.3)
    hashie (1.1.0)
    hike (1.2.1)
    hirb (0.5.0)
    httparty (0.8.1)
      multi_json
      multi_xml
    i18n (0.6.0)
    jquery-rails (1.0.18)
      railties (~> 3.0)
      thor (~> 0.14)
    json (1.6.1)
    json_pure (1.6.1)
    macaddr (1.5.0)
      systemu (>= 2.4.0)
    mail (2.3.0)
      i18n (>= 0.4.0)
      mime-types (~> 1.16)
      treetop (~> 1.4.8)
    main (4.7.1)
    metaclass (0.0.1)
    metric_fu (2.1.1)
      Saikuro (>= 1.1.0)
      activesupport (>= 2.0.0)
      chronic (~> 0.3.0)
      churn (>= 0.0.7)
      flay (>= 1.2.1)
      flog (>= 2.3.0)
      rails_best_practices (>= 0.6.4)
      rcov (>= 0.8.3.3)
      reek (>= 1.2.6)
      roodi (>= 2.1.0)
      syntax
    mime-types (1.17.2)
    mocha (0.10.0)
      metaclass (~> 0.0.1)
    multi_json (1.0.3)
    multi_xml (0.4.1)
    multipart-post (1.1.3)
    no_peeping_toms (2.1.2)
      activerecord (>= 3.0.0)
      activesupport (>= 3.0.0)
    oauth2 (0.5.1)
      faraday (~> 0.7.4)
      multi_json (~> 1.0.3)
    pg (0.11.0)
    polyglot (0.3.3)
    progressbar (0.9.1)
    rack (1.3.5)
    rack-cache (1.1)
      rack (>= 0.4)
    rack-mount (0.8.3)
      rack (>= 1.0.0)
    rack-ssl (1.3.2)
      rack
    rack-test (0.6.1)
      rack (>= 1.0)
    rails (3.1.2)
      actionmailer (= 3.1.2)
      actionpack (= 3.1.2)
      activerecord (= 3.1.2)
      activeresource (= 3.1.2)
      activesupport (= 3.1.2)
      bundler (~> 1.0)
      railties (= 3.1.2)
    rails_best_practices (1.3.0)
      activesupport
      colored
      erubis
      i18n
      progressbar
      sexp_processor
    railties (3.1.2)
      actionpack (= 3.1.2)
      activesupport (= 3.1.2)
      rack-ssl (~> 1.3.2)
      rake (>= 0.8.7)
      rdoc (~> 3.4)
      thor (~> 0.14.6)
    rake (0.9.2.2)
    rcov (0.9.11)
    rdoc (3.11)
      json (~> 1.4)
    recaptcha (0.3.1)
    reek (1.2.8)
      ruby2ruby (~> 1.2)
      ruby_parser (~> 2.0)
      sexp_processor (~> 3.0)
    roodi (2.1.0)
      ruby_parser
    rspec (2.6.0)
      rspec-core (~> 2.6.0)
      rspec-expectations (~> 2.6.0)
      rspec-mocks (~> 2.6.0)
    rspec-core (2.6.4)
    rspec-expectations (2.6.0)
      diff-lcs (~> 1.1.2)
    rspec-mocks (2.6.0)
    rspec-rails (2.6.1)
      actionpack (~> 3.0)
      activesupport (~> 3.0)
      railties (~> 3.0)
      rspec (~> 2.6.0)
    ruby2ruby (1.3.1)
      ruby_parser (~> 2.0)
      sexp_processor (~> 3.0)
    ruby_parser (2.0.6)
      sexp_processor (~> 3.0)
    sass (3.1.10)
    sass-rails (3.1.5)
      actionpack (~> 3.1.0)
      railties (~> 3.1.0)
      sass (~> 3.1.10)
      tilt (~> 1.3.2)
    sexp_processor (3.0.8)
    shoulda-matchers (1.0.0)
    simple_oauth (0.1.5)
    sprockets (2.1.1)
      hike (~> 1.2)
      rack (~> 1.0)
      tilt (~> 1.1, != 1.3.0)
    sqlite3 (1.3.4)
    syntax (1.0.0)
    systemu (2.4.1)
    thor (0.14.6)
    tilt (1.3.3)
    treetop (1.4.10)
      polyglot
      polyglot (>= 0.3.1)
    turn (0.8.2)
      ansi (>= 1.2.2)
    twitter (1.7.2)
      faraday (~> 0.7.4)
      faraday_middleware (~> 0.7.0)
      hashie (~> 1.1.0)
      multi_json (~> 1.0.0)
      multi_xml (~> 0.4.0)
      simple_oauth (~> 0.1.5)
    tzinfo (0.3.31)
    uglifier (1.1.0)
      execjs (>= 0.3.0)
      multi_json (>= 1.0.2)
    uuid (2.3.4)
      macaddr (~> 1.0)
    will_paginate (3.0.2)
    yamler (0.1.0)

PLATFORMS
  ruby

DEPENDENCIES
  RedCloth (~> 4.2.2)
  acts_as_state_machine (~> 2.2.0)
  acts_as_tree_rails3 (~> 0.1.0)
  bitly (~> 0.6.2)
  coffee-rails (~> 3.1.1)
  configatron (~> 2.8.4)
  factory_girl (= 1.3.3)
  haml (~> 3.1.3)
  jquery-rails
  metric_fu (~> 2.1.1)
  mocha (= 0.10.0)
  no_peeping_toms (~> 2.1.2)
  pg (~> 0.11.0)
  rails (= 3.1.2)
  recaptcha (~> 0.3.1)
  rspec (~> 2.6.0)
  rspec-rails (~> 2.6.0)
  sass-rails (~> 3.1.5.rc.2)
  shoulda-matchers (~> 1.0.0)
  sqlite3
  turn (= 0.8.2)
  twitter (~> 1.7.2)
  uglifier (>= 1.0.3)
  uuid (~> 2.3.4)
  will_paginate (~> 3.0.2)
