GEM
  remote: http://rubygems.org/
  specs:
    RedCloth (4.2.8)
    abstract (1.0.0)
    actionmailer (3.0.10)
      actionpack (= 3.0.10)
      mail (~> 2.2.19)
    actionpack (3.0.10)
      activemodel (= 3.0.10)
      activesupport (= 3.0.10)
      builder (~> 2.1.2)
      erubis (~> 2.6.6)
      i18n (~> 0.5.0)
      rack (~> 1.2.1)
      rack-mount (~> 0.6.14)
      rack-test (~> 0.5.7)
      tzinfo (~> 0.3.23)
    activemodel (3.0.10)
      activesupport (= 3.0.10)
      builder (~> 2.1.2)
      i18n (~> 0.5.0)
    activerecord (3.0.10)
      activemodel (= 3.0.10)
      activesupport (= 3.0.10)
      arel (~> 2.0.10)
      tzinfo (~> 0.3.23)
    activeresource (3.0.10)
      activemodel (= 3.0.10)
      activesupport (= 3.0.10)
    activesupport (3.0.10)
    acts_as_state_machine (2.1.20080704)
      activerecord (>= 2.1)
    acts_as_tree (0.1.1)
    arel (2.0.10)
    bitly (0.3.2)
      crack (>= 0.1.1)
    builder (2.1.2)
    chronic (0.6.5)
    configatron (2.5.1)
      yamler (>= 0.1.0)
    crack (0.1.8)
    erubis (2.6.6)
      abstract (>= 1.0.0)
    factory_girl (1.2.2)
    flay (1.4.3)
      ruby_parser (~> 2.0)
      sexp_processor (~> 3.0)
    flog (2.2.0)
      ruby_parser (~> 2.0)
      sexp_processor (~> 3.0)
    hashie (0.4.0)
    httparty (0.6.1)
      crack (= 0.1.8)
    i18n (0.5.0)
    jrails (0.6.0)
    json (1.6.1)
    mail (2.2.19)
      activesupport (>= 2.3.6)
      i18n (>= 0.4.0)
      mime-types (~> 1.16)
      treetop (~> 1.4.8)
    metric_fu (1.2.0)
      chronic (>= 0.2.3)
      flay (>= 1.2.1)
      flog (= 2.2.0)
      rcov (>= 0.8.3.3)
    mime-types (1.17.2)
    mocha (0.9.8)
      rake
    multi_json (0.0.5)
    no_peeping_toms (1.0.1)
      activerecord (>= 1.1)
    oauth (0.4.5)
    polyglot (0.3.3)
    rack (1.2.4)
    rack-mount (0.6.14)
      rack (>= 1.0.0)
    rack-test (0.5.7)
      rack (>= 1.0)
    rails (3.0.10)
      actionmailer (= 3.0.10)
      actionpack (= 3.0.10)
      activerecord (= 3.0.10)
      activeresource (= 3.0.10)
      activesupport (= 3.0.10)
      bundler (~> 1.0)
      railties (= 3.0.10)
    railties (3.0.10)
      actionpack (= 3.0.10)
      activesupport (= 3.0.10)
      rake (>= 0.8.7)
      rdoc (~> 3.4)
      thor (~> 0.14.4)
    rake (0.9.2.2)
    rcov (0.9.11)
    rdoc (3.11)
      json (~> 1.4)
    reek (1.2.6)
      ruby2ruby (~> 1.2)
      ruby_parser (~> 2.0)
      sexp_processor (~> 3.0)
    roodi (2.1.0)
      ruby_parser
    ruby2ruby (1.3.1)
      ruby_parser (~> 2.0)
      sexp_processor (~> 3.0)
    ruby_parser (2.3.1)
      sexp_processor (~> 3.0)
    sexp_processor (3.0.8)
    shoulda (2.10.2)
    sqlite3 (1.3.4)
    thor (0.14.6)
    treetop (1.4.10)
      polyglot
      polyglot (>= 0.3.1)
    twitter (0.9.12)
      hashie (~> 0.4.0)
      httparty (~> 0.6.1)
      multi_json (~> 0.0.4)
      oauth (~> 0.4.3)
    tzinfo (0.3.31)
    will_paginate (2.2.2)
    yamler (0.1.0)

PLATFORMS
  ruby

DEPENDENCIES
  RedCloth (~> 4.2.2)
  acts_as_state_machine (~> 2.1.3)
  acts_as_tree (~> 0.1.1)
  bitly (~> 0.3.1)
  configatron (~> 2.5.1)
  factory_girl (= 1.2.2)
  jrails (~> 0.6.0)
  metric_fu (~> 1.2.0)
  mocha (= 0.9.8)
  no_peeping_toms (~> 1.0.1)
  rails (~> 3.0.10)
  reek (= 1.2.6)
  roodi (~> 2.1.0)
  shoulda (= 2.10.2)
  sqlite3 (~> 1.3.4)
  twitter (~> 0.9.8)
  will_paginate (~> 2.2.0)
