GEM
  remote: http://rubygems.org/
  specs:
    RedCloth (4.2.8)
    actionmailer (2.3.14)
      actionpack (= 2.3.14)
    actionpack (2.3.14)
      activesupport (= 2.3.14)
      rack (~> 1.1.0)
    activerecord (2.3.14)
      activesupport (= 2.3.14)
    activeresource (2.3.14)
      activesupport (= 2.3.14)
    activesupport (2.3.14)
    bitly (0.3.2)
      crack (>= 0.1.1)
    configatron (2.5.1)
      yamler (>= 0.1.0)
    crack (0.1.8)
    hashie (0.4.0)
    httparty (0.6.1)
      crack (= 0.1.8)
    multi_json (0.0.5)
    oauth (0.4.5)
    rack (1.1.2)
    rails (2.3.14)
      actionmailer (= 2.3.14)
      actionpack (= 2.3.14)
      activerecord (= 2.3.14)
      activeresource (= 2.3.14)
      activesupport (= 2.3.14)
      rake (>= 0.8.3)
    rake (0.9.2.2)
    sqlite3 (1.3.4)
    twitter (0.9.12)
      hashie (~> 0.4.0)
      httparty (~> 0.6.1)
      multi_json (~> 0.0.4)
      oauth (~> 0.4.3)
    will_paginate (2.2.2)
    yamler (0.1.0)

PLATFORMS
  ruby

DEPENDENCIES
  RedCloth (~> 4.2.2)
  bitly (~> 0.3.1)
  configatron (~> 2.5.1)
  rails (~> 2.3.4)
  sqlite3 (~> 1.3.4)
  twitter (~> 0.9.8)
  will_paginate (~> 2.2.0)
